GEM
  remote: https://rubygems.org/
  specs:
    ffi (1.13.1)
    jekyll-watch (2.2.1)
      listen (~> 3.0)
    jekyll_social_icons (0.1.0)
    kramdown (2.3.0)
      rexml
    kramdown-parser-gfm (1.1.0)
      kramdown (~> 2.0)
    listen (3.3.2)
      rb-fsevent (~> 0.10, >= 0.10.3)
      rb-inotify (~> 0.9, >= 0.9.10)
    rb-fsevent (0.10.4)
    rb-inotify (0.10.1)
      ffi (~> 1.0)
    rexml (3.2.4)

PLATFORMS
  ruby

DEPENDENCIES
  jekyll-watch
  jekyll_social_icons
  kramdown-parser-gfm

BUNDLED WITH
   2.1.4
